GEM
  remote: http://rubygems.org/
  specs:
    ffi (1.0.11)
    ffi-rzmq (0.9.3)
      ffi

PLATFORMS
  ruby

DEPENDENCIES
  ffi-rzmq
